GIT
  remote: git://github.com/rarestep/heroku-dyno-killer.git
  revision: f3cc4424f329c52f6ab2e26a50bca602fa767d99
  ref: f3cc442
  specs:
    heroku_dyno_killer (0.0.1)
      json
      platform-api
      rest-client

GEM
  remote: https://rubygems.org/
  specs:
    domain_name (0.5.20160310)
      unf (>= 0.0.5, < 1.0.0)
    erubis (2.7.0)
    excon (0.49.0)
    heroics (0.0.16)
      erubis (~> 2.0)
      excon
      moneta
      multi_json (>= 1.9.2)
      netrc
    http-cookie (1.0.2)
      domain_name (~> 0.5)
    json (1.8.3)
    mime-types (2.99.1)
    moneta (0.8.0)
    multi_json (1.11.2)
    netrc (0.11.0)
    platform-api (0.6.0)
      heroics
    rake (10.4.2)
    rest-client (1.8.0)
      http-cookie (>= 1.0.2, < 2.0)
      mime-types (>= 1.16, < 3.0)
      netrc (~> 0.7)
    unf (0.1.4)
      unf_ext
    unf_ext (0.0.7.2)

PLATFORMS
  ruby

DEPENDENCIES
  heroku_dyno_killer!
  rake

RUBY VERSION
   ruby 2.2.2p95

BUNDLED WITH
   1.15.1
