GIT
  remote: git://github.com/rarestep/heroku-dyno-killer.git
  revision: c58f06824e49e82b9ba80d3e05fcb3b003c5866b
  specs:
    heroku_dyno_killer (0.0.1)
      json
      platform-api
      rest-client

GEM
  remote: https://rubygems.org/
  specs:
    domain_name (0.5.24)
      unf (>= 0.0.5, < 1.0.0)
    erubis (2.7.0)
    excon (0.45.3)
    heroics (0.0.14)
      erubis (~> 2.7.0)
      excon
      moneta
      multi_json (>= 1.9.2)
      netrc
    http-cookie (1.0.2)
      domain_name (~> 0.5)
    json (1.8.3)
    mime-types (2.6.1)
    moneta (0.8.0)
    multi_json (1.11.0)
    netrc (0.10.3)
    platform-api (0.2.0)
      heroics (~> 0.0.10)
    rake (10.4.2)
    rest-client (1.8.0)
      http-cookie (>= 1.0.2, < 2.0)
      mime-types (>= 1.16, < 3.0)
      netrc (~> 0.7)
    unf (0.1.4)
      unf_ext
    unf_ext (0.0.7.1)

PLATFORMS
  ruby

DEPENDENCIES
  heroku_dyno_killer!
  rake
