GEM
  remote: https://rubygems.org/
  specs:
    domain_name (0.5.20160310)
      unf (>= 0.0.5, < 1.0.0)
    erubis (2.7.0)
    excon (0.49.0)
    heroics (0.0.16)
      erubis (~> 2.0)
      excon
      moneta
      multi_json (>= 1.9.2)
      netrc
    http-cookie (1.0.2)
      domain_name (~> 0.5)
    json (2.3.0)
    mime-types (2.99.1)
    moneta (0.8.0)
    multi_json (1.11.2)
    netrc (0.11.0)
    platform-api (0.6.0)
      heroics
    rake (10.4.2)
    rest-client (1.8.0)
      http-cookie (>= 1.0.2, < 2.0)
      mime-types (>= 1.16, < 3.0)
      netrc (~> 0.7)
    unf (0.1.4)
      unf_ext
    unf_ext (0.0.7.2)

PLATFORMS
  ruby

DEPENDENCIES
  json (= 2.3.0)
  platform-api
  rake
  rest-client

RUBY VERSION
   ruby 2.6.5p114

BUNDLED WITH
   1.17.2
